STORAGE: NONE
RESTRICTION: || (== net462) (== net5.0) (== netstandard2.0) (== netstandard2.1)
NUGET
  remote: https://www.nuget.org/api/v2
    Microsoft.Bcl.AsyncInterfaces (5.0) - restriction: || (== net462) (&& (== net5.0) (>= net461)) (&& (== net5.0) (< netstandard2.1)) (== netstandard2.0) (&& (== netstandard2.1) (>= net461))
      System.Threading.Tasks.Extensions (>= 4.5.4) - restriction: || (== net462) (&& (== net5.0) (>= net461)) (&& (== net5.0) (< netcoreapp2.1) (< netstandard2.1)) (== netstandard2.0) (&& (== netstandard2.1) (>= net461))
    Microsoft.CodeCoverage (16.11) - restriction: || (== net462) (== net5.0) (&& (== netstandard2.0) (>= net45)) (&& (== netstandard2.0) (>= netcoreapp1.0)) (&& (== netstandard2.1) (>= net45)) (&& (== netstandard2.1) (>= netcoreapp1.0))
    Microsoft.Extensions.DependencyInjection (5.0.2)
      Microsoft.Bcl.AsyncInterfaces (>= 5.0) - restriction: || (== net462) (&& (== net5.0) (>= net461)) (&& (== net5.0) (< netstandard2.1)) (== netstandard2.0) (&& (== netstandard2.1) (>= net461))
      Microsoft.Extensions.DependencyInjection.Abstractions (>= 5.0)
      System.Threading.Tasks.Extensions (>= 4.5.4) - restriction: || (== net462) (&& (== net5.0) (>= net461)) (&& (== net5.0) (< netcoreapp2.1) (< netstandard2.1)) (== netstandard2.0) (&& (== netstandard2.1) (>= net461))
    Microsoft.Extensions.DependencyInjection.Abstractions (5.0)
    Microsoft.Extensions.Logging (5.0)
      Microsoft.Extensions.DependencyInjection (>= 5.0)
      Microsoft.Extensions.DependencyInjection.Abstractions (>= 5.0)
      Microsoft.Extensions.Logging.Abstractions (>= 5.0)
      Microsoft.Extensions.Options (>= 5.0)
      System.Diagnostics.DiagnosticSource (>= 5.0) - restriction: || (== net462) (&& (== net5.0) (>= net461)) (&& (== net5.0) (< netstandard2.1)) (== netstandard2.0) (== netstandard2.1)
      System.ValueTuple (>= 4.5) - restriction: || (== net462) (&& (== net5.0) (>= net461)) (&& (== netstandard2.0) (>= net461)) (&& (== netstandard2.1) (>= net461))
    Microsoft.Extensions.Logging.Abstractions (5.0)
    Microsoft.Extensions.Options (5.0)
      Microsoft.Extensions.DependencyInjection.Abstractions (>= 5.0)
      Microsoft.Extensions.Primitives (>= 5.0)
    Microsoft.Extensions.Primitives (5.0.1)
      System.Buffers (>= 4.5.1) - restriction: || (== net462) (&& (== net5.0) (>= monoandroid) (< netstandard2.0)) (&& (== net5.0) (>= monotouch)) (&& (== net5.0) (>= net461)) (&& (== net5.0) (< netcoreapp2.0)) (&& (== net5.0) (< netstandard2.0) (>= xamarintvos)) (&& (== net5.0) (< netstandard2.0) (>= xamarinwatchos)) (== netstandard2.0) (== netstandard2.1)
      System.Memory (>= 4.5.4) - restriction: || (== net462) (&& (== net5.0) (>= net461)) (&& (== net5.0) (< netcoreapp2.0)) (&& (== net5.0) (< netcoreapp2.1)) (&& (== net5.0) (>= uap10.1)) (== netstandard2.0) (== netstandard2.1)
      System.Runtime.CompilerServices.Unsafe (>= 5.0) - restriction: || (== net462) (&& (== net5.0) (>= monoandroid) (< netstandard2.0)) (&& (== net5.0) (>= monotouch)) (&& (== net5.0) (>= net461)) (&& (== net5.0) (< netcoreapp2.0)) (&& (== net5.0) (< netcoreapp2.1)) (&& (== net5.0) (< netcoreapp3.0)) (&& (== net5.0) (< netstandard2.0) (>= xamarintvos)) (&& (== net5.0) (< netstandard2.0) (>= xamarinwatchos)) (&& (== net5.0) (>= uap10.1)) (== netstandard2.0) (== netstandard2.1)
    Microsoft.NET.Test.Sdk (16.11)
      Microsoft.CodeCoverage (>= 16.11) - restriction: || (== net462) (== net5.0) (&& (== netstandard2.0) (>= net45)) (&& (== netstandard2.0) (>= netcoreapp1.0)) (&& (== netstandard2.1) (>= net45)) (&& (== netstandard2.1) (>= netcoreapp1.0))
      Microsoft.TestPlatform.TestHost (>= 16.11) - restriction: || (&& (== net462) (>= netcoreapp1.0)) (== net5.0) (&& (== netstandard2.0) (>= netcoreapp1.0)) (&& (== netstandard2.1) (>= netcoreapp1.0))
    Microsoft.NETCore.Platforms (5.0.3) - restriction: || (&& (== net462) (< net45)) (&& (== net462) (< net452)) (&& (== net462) (>= netcoreapp2.0)) (&& (== net462) (< netstandard1.0)) (&& (== net462) (< netstandard1.3) (>= wpa81)) (&& (== net462) (< netstandard1.5) (>= uap10.0)) (&& (== net462) (< portable-net45+win8+wpa81)) (&& (== net462) (>= uap10.1)) (&& (== net462) (>= wp8)) (== net5.0) (== netstandard2.0) (== netstandard2.1)
    Microsoft.NETCore.Targets (5.0) - restriction: || (&& (== net462) (== net5.0)) (&& (== net462) (< net45) (>= netstandard2.0)) (&& (== net5.0) (< netcoreapp3.1)) (&& (== net5.0) (< netstandard1.2)) (&& (== net5.0) (< netstandard1.3)) (&& (== net5.0) (< netstandard1.5)) (== netstandard2.0) (== netstandard2.1)
    Microsoft.TestPlatform.ObjectModel (16.11) - restriction: || (&& (== net462) (>= netcoreapp1.0)) (== net5.0) (&& (== netstandard2.0) (>= netcoreapp1.0)) (&& (== netstandard2.1) (>= netcoreapp1.0))
      NuGet.Frameworks (>= 5.0)
      System.Reflection.Metadata (>= 1.6)
    Microsoft.TestPlatform.TestHost (16.11) - restriction: || (&& (== net462) (>= netcoreapp1.0)) (== net5.0) (&& (== netstandard2.0) (>= netcoreapp1.0)) (&& (== netstandard2.1) (>= netcoreapp1.0))
      Microsoft.TestPlatform.ObjectModel (>= 16.11) - restriction: || (&& (== net462) (>= netcoreapp1.0)) (&& (== net462) (>= uap10.0)) (== net5.0) (&& (== netstandard2.0) (>= netcoreapp1.0)) (&& (== netstandard2.0) (>= uap10.0)) (&& (== netstandard2.1) (>= netcoreapp1.0)) (&& (== netstandard2.1) (>= uap10.0))
      Newtonsoft.Json (>= 9.0.1) - restriction: || (&& (== net462) (>= netcoreapp1.0)) (&& (== net462) (>= uap10.0)) (== net5.0) (&& (== netstandard2.0) (>= netcoreapp1.0)) (&& (== netstandard2.0) (>= uap10.0)) (&& (== netstandard2.1) (>= netcoreapp1.0)) (&& (== netstandard2.1) (>= uap10.0))
    NETStandard.Library (2.0.3) - restriction: || (&& (== net462) (< net452)) (== net5.0) (== netstandard2.0) (== netstandard2.1)
      Microsoft.NETCore.Platforms (>= 1.1)
    Newtonsoft.Json (13.0.1) - restriction: || (&& (== net462) (>= netcoreapp1.0)) (== net5.0) (&& (== netstandard2.0) (>= netcoreapp1.0)) (&& (== netstandard2.1) (>= netcoreapp1.0))
    NuGet.Frameworks (5.11) - restriction: || (&& (== net462) (>= netcoreapp1.0)) (&& (== net462) (>= netcoreapp2.1)) (== net5.0) (&& (== netstandard2.0) (>= netcoreapp1.0)) (&& (== netstandard2.0) (>= netcoreapp2.1)) (&& (== netstandard2.1) (>= netcoreapp1.0)) (&& (== netstandard2.1) (>= netcoreapp2.1))
    System.Buffers (4.5.1) - restriction: || (== net462) (&& (== net5.0) (>= monoandroid) (< netstandard2.0)) (&& (== net5.0) (>= monotouch)) (&& (== net5.0) (>= net461)) (&& (== net5.0) (< netcoreapp2.0)) (&& (== net5.0) (< netstandard2.0) (>= xamarintvos)) (&& (== net5.0) (< netstandard2.0) (>= xamarinwatchos)) (== netstandard2.0) (== netstandard2.1)
    System.Diagnostics.DiagnosticSource (5.0.1) - restriction: || (== net462) (&& (== net5.0) (>= net461)) (&& (== net5.0) (< netstandard2.1)) (== netstandard2.0) (== netstandard2.1)
      System.Memory (>= 4.5.4) - restriction: || (== net462) (&& (== net5.0) (>= net45) (< netstandard1.3)) (&& (== net5.0) (>= net46)) (&& (== net5.0) (< netcoreapp2.1)) (&& (== net5.0) (< netstandard2.0)) (&& (== net5.0) (>= uap10.1)) (== netstandard2.0) (== netstandard2.1)
      System.Runtime.CompilerServices.Unsafe (>= 5.0) - restriction: || (== net462) (&& (== net5.0) (>= monoandroid) (< netstandard1.1)) (&& (== net5.0) (>= monotouch)) (&& (== net5.0) (>= net45) (< netstandard1.3)) (&& (== net5.0) (>= net46)) (&& (== net5.0) (< netcoreapp2.1)) (&& (== net5.0) (< netcoreapp3.0)) (&& (== net5.0) (< netstandard2.0)) (&& (== net5.0) (>= uap10.1)) (== netstandard2.0) (== netstandard2.1)
    System.Interactive (5.0)
    System.Memory (4.5.4) - restriction: || (== net462) (&& (== net5.0) (>= net45) (< netstandard1.3)) (&& (== net5.0) (>= net46)) (&& (== net5.0) (>= net461)) (&& (== net5.0) (< netcoreapp2.1) (< netstandard2.1)) (&& (== net5.0) (< netstandard2.0)) (&& (== net5.0) (>= uap10.1)) (== netstandard2.0) (== netstandard2.1)
      System.Buffers (>= 4.5.1) - restriction: || (== net462) (&& (== net5.0) (>= monotouch)) (&& (== net5.0) (>= net461)) (&& (== net5.0) (< netcoreapp2.0)) (&& (== net5.0) (< netstandard1.1)) (&& (== net5.0) (< netstandard2.0)) (&& (== net5.0) (>= xamarinios)) (&& (== net5.0) (>= xamarinmac)) (&& (== net5.0) (>= xamarintvos)) (&& (== net5.0) (>= xamarinwatchos)) (== netstandard2.0) (== netstandard2.1)
      System.Numerics.Vectors (>= 4.4) - restriction: || (&& (== net462) (< net45) (>= netstandard2.0)) (&& (== net5.0) (< netcoreapp2.0)) (== netstandard2.0) (== netstandard2.1)
      System.Numerics.Vectors (>= 4.5) - restriction: || (== net462) (&& (== net5.0) (>= net461)) (&& (== netstandard2.0) (>= net461)) (&& (== netstandard2.1) (>= net461))
      System.Runtime.CompilerServices.Unsafe (>= 4.5.3) - restriction: || (== net462) (&& (== net5.0) (>= monotouch)) (&& (== net5.0) (>= net461)) (&& (== net5.0) (< netcoreapp2.0)) (&& (== net5.0) (< netcoreapp2.1)) (&& (== net5.0) (< netstandard1.1)) (&& (== net5.0) (< netstandard2.0)) (&& (== net5.0) (>= uap10.1)) (&& (== net5.0) (>= xamarinios)) (&& (== net5.0) (>= xamarinmac)) (&& (== net5.0) (>= xamarintvos)) (&& (== net5.0) (>= xamarinwatchos)) (== netstandard2.0) (== netstandard2.1)
    System.Numerics.Vectors (4.5) - restriction: || (== net462) (&& (== net5.0) (>= net45) (< netstandard1.3)) (&& (== net5.0) (>= net46)) (&& (== net5.0) (>= net461)) (&& (== net5.0) (< netcoreapp2.0) (< netstandard2.1)) (&& (== net5.0) (< netstandard2.0)) (&& (== net5.0) (>= uap10.1)) (== netstandard2.0) (== netstandard2.1)
    System.Reactive (5.0)
      System.Runtime.InteropServices.WindowsRuntime (>= 4.3) - restriction: || (&& (== net462) (>= netstandard2.0)) (&& (== net5.0) (< netcoreapp3.1)) (== netstandard2.0) (== netstandard2.1)
      System.Threading.Tasks.Extensions (>= 4.5.4) - restriction: || (&& (== net462) (>= net472)) (&& (== net462) (>= netstandard2.0)) (&& (== net462) (>= uap10.1)) (&& (== net5.0) (>= net472)) (&& (== net5.0) (< netcoreapp3.1)) (&& (== net5.0) (>= uap10.1)) (== netstandard2.0) (== netstandard2.1)
    System.Reflection.Metadata (5.0) - restriction: || (&& (== net462) (>= netcoreapp1.0)) (&& (== net462) (>= netcoreapp2.1)) (== net5.0) (&& (== netstandard2.0) (>= netcoreapp1.0)) (&& (== netstandard2.0) (>= netcoreapp2.1)) (&& (== netstandard2.1) (>= netcoreapp1.0)) (&& (== netstandard2.1) (>= netcoreapp2.1))
    System.Runtime (4.3.1) - restriction: || (&& (== net462) (== net5.0)) (&& (== net462) (< net45) (>= netstandard2.0)) (&& (== net5.0) (< netcoreapp3.1)) (== netstandard2.0) (== netstandard2.1)
      Microsoft.NETCore.Platforms (>= 1.1.1) - restriction: || (&& (== net462) (< net45)) (== net5.0) (== netstandard2.0) (== netstandard2.1)
      Microsoft.NETCore.Targets (>= 1.1.3) - restriction: || (&& (== net462) (< net45)) (== net5.0) (== netstandard2.0) (== netstandard2.1)
    System.Runtime.CompilerServices.Unsafe (5.0) - restriction: || (== net462) (&& (== net5.0) (>= monoandroid) (< netstandard1.1)) (&& (== net5.0) (>= monotouch)) (&& (== net5.0) (>= net45) (< netstandard1.3)) (&& (== net5.0) (>= net46)) (&& (== net5.0) (>= net461)) (&& (== net5.0) (< netstandard1.0)) (&& (== net5.0) (< netstandard2.0)) (&& (== net5.0) (< netstandard2.1)) (&& (== net5.0) (>= uap10.1)) (&& (== net5.0) (>= wp8)) (== netstandard2.0) (== netstandard2.1)
    System.Runtime.InteropServices.WindowsRuntime (4.3) - restriction: || (&& (== net462) (== net5.0)) (&& (== net462) (>= netstandard2.0)) (&& (== net5.0) (< netcoreapp3.1)) (== netstandard2.0) (== netstandard2.1)
      System.Runtime (>= 4.3) - restriction: || (&& (== net462) (< net45)) (== net5.0) (== netstandard2.0) (== netstandard2.1)
    System.Threading.Channels (5.0)
      System.Threading.Tasks.Extensions (>= 4.5.4) - restriction: || (== net462) (&& (== net5.0) (>= net461)) (&& (== net5.0) (< netcoreapp2.1) (< netstandard2.1)) (&& (== net5.0) (< netstandard2.0)) (== netstandard2.0) (&& (== netstandard2.1) (>= net461)) (&& (== netstandard2.1) (< netstandard2.0))
    System.Threading.Tasks.Extensions (4.5.4) - restriction: || (== net462) (&& (== net5.0) (>= net461)) (&& (== net5.0) (>= net472)) (&& (== net5.0) (< netcoreapp2.1) (< netstandard2.1)) (&& (== net5.0) (< netcoreapp3.1)) (&& (== net5.0) (>= uap10.1)) (== netstandard2.0) (== netstandard2.1)
      System.Runtime.CompilerServices.Unsafe (>= 4.5.3) - restriction: || (== net462) (&& (== net5.0) (>= net461)) (&& (== net5.0) (< netcoreapp2.1)) (&& (== net5.0) (< netstandard1.0)) (&& (== net5.0) (< netstandard2.0)) (&& (== net5.0) (>= wp8)) (== netstandard2.0) (== netstandard2.1)
    System.ValueTuple (4.5) - restriction: || (== net462) (&& (== net5.0) (>= net461)) (&& (== netstandard2.0) (>= net461)) (&& (== netstandard2.1) (>= net461))
    xunit (2.4.1)
      xunit.analyzers (>= 0.10)
      xunit.assert (2.4.1)
      xunit.core (2.4.1)
    xunit.abstractions (2.0.3)
    xunit.analyzers (0.10)
    xunit.assert (2.4.1)
      NETStandard.Library (>= 1.6.1) - restriction: || (&& (== net462) (< net452)) (== net5.0) (== netstandard2.0) (== netstandard2.1)
    xunit.core (2.4.1)
      xunit.extensibility.core (2.4.1)
      xunit.extensibility.execution (2.4.1)
    xunit.extensibility.core (2.4.1)
      NETStandard.Library (>= 1.6.1) - restriction: || (&& (== net462) (< net452)) (== net5.0) (== netstandard2.0) (== netstandard2.1)
      xunit.abstractions (>= 2.0.3)
    xunit.extensibility.execution (2.4.1)
      NETStandard.Library (>= 1.6.1) - restriction: || (&& (== net462) (< net452)) (== net5.0) (== netstandard2.0) (== netstandard2.1)
      xunit.extensibility.core (2.4.1)
    xunit.runner.visualstudio (2.4.3)
